PATH
  remote: .
  specs:
    todo (1.0.0)
      activerecord (~> 7.0)
      sqlite3 (~> 1.4)
      thor (~> 1.2)

GEM
  remote: https://rubygems.org/
  specs:
    activemodel (7.0.2.2)
      activesupport (= 7.0.2.2)
    activerecord (7.0.2.2)
      activemodel (= 7.0.2.2)
      activesupport (= 7.0.2.2)
    activesupport (7.0.2.2)
      concurrent-ruby (~> 1.0, >= 1.0.2)
      i18n (>= 1.6, < 2)
      minitest (>= 5.1)
      tzinfo (~> 2.0)
    ast (2.4.2)
    backport (1.2.0)
    benchmark (0.2.0)
    concurrent-ruby (1.1.9)
    debug (1.4.0)
      irb (>= 1.3.6)
      reline (>= 0.2.7)
    diff-lcs (1.5.0)
    e2mmap (0.1.0)
    i18n (1.10.0)
      concurrent-ruby (~> 1.0)
    io-console (0.5.11)
    irb (1.4.1)
      reline (>= 0.3.0)
    jaro_winkler (1.5.4)
    kramdown (2.3.1)
      rexml
    kramdown-parser-gfm (1.1.0)
      kramdown (~> 2.0)
    mini_portile2 (2.8.0)
    minitest (5.15.0)
    nokogiri (1.13.3)
      mini_portile2 (~> 2.8.0)
      racc (~> 1.4)
    nokogiri (1.13.3-aarch64-linux)
      racc (~> 1.4)
    nokogiri (1.13.3-x86_64-linux)
      racc (~> 1.4)
    parallel (1.21.0)
    parser (3.1.1.0)
      ast (~> 2.4.1)
    racc (1.6.0)
    rainbow (3.1.1)
    rake (13.0.6)
    regexp_parser (2.2.1)
    reline (0.3.1)
      io-console (~> 0.5)
    reverse_markdown (2.1.1)
      nokogiri
    rexml (3.2.5)
    rubocop (1.25.1)
      parallel (~> 1.10)
      parser (>= 3.1.0.0)
      rainbow (>= 2.2.2, < 4.0)
      regexp_parser (>= 1.8, < 3.0)
      rexml
      rubocop-ast (>= 1.15.1, < 2.0)
      ruby-progressbar (~> 1.7)
      unicode-display_width (>= 1.4.0, < 3.0)
    rubocop-ast (1.16.0)
      parser (>= 3.1.1.0)
    rubocop-performance (1.13.2)
      rubocop (>= 1.7.0, < 2.0)
      rubocop-ast (>= 0.4.0)
    ruby-progressbar (1.11.0)
    solargraph (0.44.3)
      backport (~> 1.2)
      benchmark
      bundler (>= 1.17.2)
      diff-lcs (~> 1.4)
      e2mmap
      jaro_winkler (~> 1.5)
      kramdown (~> 2.3)
      kramdown-parser-gfm (~> 1.1)
      parser (~> 3.0)
      reverse_markdown (>= 1.0.5, < 3)
      rubocop (>= 0.52)
      thor (~> 1.0)
      tilt (~> 2.0)
      yard (~> 0.9, >= 0.9.24)
    sqlite3 (1.4.2)
    standard (1.7.2)
      rubocop (= 1.25.1)
      rubocop-performance (= 1.13.2)
    thor (1.2.1)
    tilt (2.0.10)
    tzinfo (2.0.4)
      concurrent-ruby (~> 1.0)
    unicode-display_width (2.1.0)
    webrick (1.7.0)
    yard (0.9.27)
      webrick (~> 1.7.0)

PLATFORMS
  aarch64-linux
  ruby
  x86_64-linux

DEPENDENCIES
  debug (~> 1.4)
  minitest (~> 5.0)
  rake (~> 13.0)
  solargraph (~> 0.44)
  standard (~> 1.7)
  todo!
  yard (~> 0.9)

BUNDLED WITH
   2.3.8
